PATH
  remote: .
  specs:
    transprt (0.2.0)
      json (~> 1.8.0)
      rest-client (~> 1.6.7)

GEM
  remote: http://rubygems.org/
  specs:
    addressable (2.4.0)
    crack (0.4.3)
      safe_yaml (~> 1.0.0)
    hashdiff (0.3.0)
    json (1.8.3)
    mime-types (1.25.1)
    minitest (5.8.4)
    rest-client (1.6.9)
      mime-types (~> 1.16)
    safe_yaml (1.0.4)
    webmock (2.1.0)
      addressable (>= 2.3.6)
      crack (>= 0.3.2)
      hashdiff

PLATFORMS
  ruby

DEPENDENCIES
  minitest (~> 5.8.4)
  transprt!
  webmock (~> 2.1.0)
